PATH
  remote: .
  specs:
    ctm (0.5.4)
      activesupport
      httparty
      phony

GEM
  remote: http://rubygems.org/
  specs:
    activesupport (6.0.3.2)
      concurrent-ruby (~> 1.0, >= 1.0.2)
      i18n (>= 0.7, < 2)
      minitest (~> 5.1)
      tzinfo (~> 1.1)
      zeitwerk (~> 2.2, >= 2.2.2)
    concurrent-ruby (1.1.7)
    fakeweb (1.3.0)
    httparty (0.21.0)
      mini_mime (>= 1.0.0)
      multi_xml (>= 0.5.2)
    i18n (1.8.5)
      concurrent-ruby (~> 1.0)
    mini_mime (1.1.2)
    minitest (5.14.2)
    mocha (1.11.2)
    multi_xml (0.6.0)
    phony (2.18.15)
    rack (2.2.3)
    rake (13.0.1)
    thread_safe (0.3.6)
    tzinfo (1.2.7)
      thread_safe (~> 0.1)
    zeitwerk (2.4.0)

PLATFORMS
  ruby

DEPENDENCIES
  ctm!
  fakeweb
  mocha
  rack
  rake

BUNDLED WITH
   1.17.3
