PATH
  remote: .
  specs:
    ctm (0.5.0)
      activesupport
      httparty
      phony

GEM
  remote: http://rubygems.org/
  specs:
    activesupport (4.1.0)
      i18n (~> 0.6, >= 0.6.9)
      json (~> 1.7, >= 1.7.7)
      minitest (~> 5.1)
      thread_safe (~> 0.1)
      tzinfo (~> 1.1)
    fakeweb (1.3.0)
    httparty (0.13.1)
      json (~> 1.8)
      multi_xml (>= 0.5.2)
    i18n (0.6.9)
    json (1.8.1)
    metaclass (0.0.1)
    minitest (5.3.3)
    mocha (0.13.3)
      metaclass (~> 0.0.1)
    multi_xml (0.5.5)
    phony (2.2.5)
    rack (1.3.10)
    rake (10.0.4)
    thread_safe (0.3.3)
    tzinfo (1.1.0)
      thread_safe (~> 0.1)

PLATFORMS
  ruby

DEPENDENCIES
  ctm!
  fakeweb (~> 1.3.0)
  mocha
  rack (~> 1.3.0)
  rake
