PATH
  remote: .
  specs:
    ctm (0.0.1)
      activesupport
      httparty
      phony

GEM
  remote: http://rubygems.org/
  specs:
    activesupport (3.2.13)
      i18n (= 0.6.1)
      multi_json (~> 1.0)
    fakeweb (1.3.0)
    httparty (0.8.1)
      multi_json
      multi_xml
    i18n (0.6.1)
    metaclass (0.0.1)
    mocha (0.13.3)
      metaclass (~> 0.0.1)
    multi_json (1.7.1)
    multi_xml (0.4.1)
    phony (1.9.0)
    rack (1.3.10)
    rake (10.0.4)

PLATFORMS
  ruby

DEPENDENCIES
  ctm!
  fakeweb (~> 1.3.0)
  mocha
  rack (~> 1.3.0)
  rake
