PATH
  remote: .
  specs:
    ctm (0.5.4)
      activesupport
      httparty
      phony

GEM
  remote: http://rubygems.org/
  specs:
    activesupport (7.0.4.1)
      concurrent-ruby (~> 1.0, >= 1.0.2)
      i18n (>= 1.6, < 2)
      minitest (>= 5.1)
      tzinfo (~> 2.0)
    concurrent-ruby (1.1.10)
    fakeweb (1.3.0)
    httparty (0.18.1)
      mime-types (~> 3.0)
      multi_xml (>= 0.5.2)
    i18n (1.12.0)
      concurrent-ruby (~> 1.0)
    mime-types (3.3.1)
      mime-types-data (~> 3.2015)
    mime-types-data (3.2020.0512)
    minitest (5.17.0)
    mocha (1.11.2)
    multi_xml (0.6.0)
    phony (2.18.15)
    rack (2.2.3)
    rake (13.0.1)
    tzinfo (2.0.5)
      concurrent-ruby (~> 1.0)

PLATFORMS
  ruby

DEPENDENCIES
  ctm!
  fakeweb
  mocha
  rack
  rake

BUNDLED WITH
   1.17.3
